GEM
  remote: https://rubygems.org/
  specs:
    faker (1.6.6)
      i18n (~> 0.5)
    gimei (0.2.0)
    i18n (0.7.0)

PLATFORMS
  ruby

DEPENDENCIES
  faker
  gimei

BUNDLED WITH
   1.13.5
